GEM
  remote: https://www.rubygems.org/
  specs:
    awesome_print (1.0.2)
    mustache (0.99.4)
    mysql2 (0.3.11)
    rack (1.2.2)
    shotgun (0.9)
      rack (>= 1.0)
    sinatra (1.2.6)
      rack (~> 1.1)
      tilt (>= 1.2.2, < 2.0)
    sqlite3 (1.3.5)
    tilt (1.3)

PLATFORMS
  ruby

DEPENDENCIES
  awesome_print
  mustache
  mysql2
  shotgun
  sinatra
  sqlite3
